GEM
  remote: https://rubygems.org/
  specs:
    json (1.8.2)
    macaddr (1.7.1)
      systemu (~> 2.6.2)
    mqtt (0.3.1)
    systemu (2.6.4)

PLATFORMS
  ruby

DEPENDENCIES
  json
  macaddr
  mqtt
